GEM
  remote: http://rubygems.org/
  specs:
    colorize (0.5.8)
    face (0.0.4)
      json (>= 1.4.6)
      rest-client (>= 1.6.1)
    json (2.3.1)
    mime-types (1.17.2)
    rest-client (1.6.7)
      mime-types (>= 1.16)

PLATFORMS
  ruby

DEPENDENCIES
  colorize
  face
